GEM
  remote: http://rubygems.org/
  specs:
    backports (2.6.4)
    call-me (0.0.2.3)
      refining
    eventmachine (1.0.0)
    ffi (1.1.5)
    ffi-extra (0.1.0)
      ffi
    ffi-inline (0.0.4)
      ffi (>= 0.4.0)
    iso-639 (0.0.3)
    rack (1.4.1)
    rack-protection (1.2.0)
      rack
    rack-test (0.6.2)
      rack (>= 1.0)
    refining (0.0.5.5)
    rmagick (2.13.1)
    sinatra (1.3.3)
      rack (~> 1.3, >= 1.3.6)
      rack-protection (~> 1.2)
      tilt (~> 1.3, >= 1.3.3)
    sinatra-contrib (1.3.1)
      backports (>= 2.0)
      eventmachine
      rack-protection
      rack-test
      sinatra (~> 1.3.0)
      tilt (~> 1.3)
    tesseract-ocr (0.1.5)
      call-me
      ffi-extra
      ffi-inline
      iso-639
    tilt (1.3.3)

PLATFORMS
  ruby

DEPENDENCIES
  rmagick
  sinatra
  sinatra-contrib
  tesseract-ocr
